PATH
  remote: .
  specs:
    scihub-client (0.1.0)
      typhoeus

GEM
  remote: https://rubygems.org/
  specs:
    ethon (0.12.0)
      ffi (>= 1.3.0)
    ffi (1.11.1)
    typhoeus (1.3.1)
      ethon (>= 0.9.0)

PLATFORMS
  ruby

DEPENDENCIES
  scihub-client!
  typhoeus

BUNDLED WITH
   2.0.2
